PATH
  remote: .
  specs:
    rudo (0.3.0)
      colored (>= 1.2)
      trollop (>= 1.16.2)

GEM
  remote: http://rubygems.org/
  specs:
    colored (1.2)
    diff-lcs (1.1.3)
    rake (0.9.2.2)
    rspec (2.10.0)
      rspec-core (~> 2.10.0)
      rspec-expectations (~> 2.10.0)
      rspec-mocks (~> 2.10.0)
    rspec-core (2.10.1)
    rspec-expectations (2.10.0)
      diff-lcs (~> 1.1.3)
    rspec-mocks (2.10.1)
    trollop (1.16.2)

PLATFORMS
  ruby

DEPENDENCIES
  colored
  rake
  rspec
  rudo!
  trollop
